PATH
  remote: .
  specs:
    feedmob-style (0.2.0)
      goodcheck (~> 2.5.1)
      meowcop (~> 2.9.0)
      querly (~> 1.0.0)
      rubocop (~> 0.82.0)

GEM
  remote: https://rubygems.org/
  specs:
    activesupport (6.0.2.2)
      concurrent-ruby (~> 1.0, >= 1.0.2)
      i18n (>= 0.7, < 2)
      minitest (~> 5.1)
      tzinfo (~> 1.1)
      zeitwerk (~> 2.2)
    ast (2.4.0)
    concurrent-ruby (1.1.6)
    goodcheck (2.5.1)
      activesupport (>= 4.0, < 7.0)
      psych (>= 3.1, < 4.0)
      rainbow (~> 3.0.0)
      strong_json (>= 1.1, < 2.2)
    i18n (1.8.2)
      concurrent-ruby (~> 1.0)
    jaro_winkler (1.5.4)
    meowcop (2.9.0)
      rubocop (>= 0.82.0, < 1.0.0)
    minitest (5.14.0)
    parallel (1.19.1)
    parser (2.7.1.1)
      ast (~> 2.4.0)
    psych (3.1.0)
    querly (1.0.0)
      activesupport (>= 5.0)
      parallel (~> 1.17)
      parser (>= 2.5.0)
      rainbow (>= 2.1)
      thor (>= 0.19.0, < 0.21.0)
    rainbow (3.0.0)
    rake (10.5.0)
    rexml (3.2.4)
    rubocop (0.82.0)
      jaro_winkler (~> 1.5.1)
      parallel (~> 1.10)
      parser (>= 2.7.0.1)
      rainbow (>= 2.2.2, < 4.0)
      rexml
      ruby-progressbar (~> 1.7)
      unicode-display_width (>= 1.4.0, < 2.0)
    ruby-progressbar (1.10.1)
    strong_json (2.1.0)
    thor (0.20.3)
    thread_safe (0.3.6)
    tzinfo (1.2.7)
      thread_safe (~> 0.1)
    unicode-display_width (1.7.0)
    zeitwerk (2.3.0)

PLATFORMS
  ruby

DEPENDENCIES
  bundler (~> 2.0)
  feedmob-style!
  rake (~> 10.0)

BUNDLED WITH
   2.1.4
