PATH
  remote: .
  specs:
    feedmob-style (0.1.0)

GEM
  remote: https://rubygems.org/
  specs:
    activesupport (6.0.0)
      concurrent-ruby (~> 1.0, >= 1.0.2)
      i18n (>= 0.7, < 2)
      minitest (~> 5.1)
      tzinfo (~> 1.1)
      zeitwerk (~> 2.1, >= 2.1.8)
    ast (2.4.0)
    concurrent-ruby (1.1.5)
    goodcheck (2.4.1)
      activesupport (>= 4.0, < 7.0)
      httpclient (~> 2.8.3)
      rainbow (~> 3.0.0)
      strong_json (~> 1.1.0)
    httpclient (2.8.3)
    i18n (1.7.0)
      concurrent-ruby (~> 1.0)
    jaro_winkler (1.5.3)
    meowcop (2.4.0)
      rubocop (>= 0.75.0, < 1.0.0)
    minitest (5.12.2)
    parallel (1.18.0)
    parser (2.6.5.0)
      ast (~> 2.4.0)
    rainbow (3.0.0)
    rake (10.5.0)
    rubocop (0.75.1)
      jaro_winkler (~> 1.5.1)
      parallel (~> 1.10)
      parser (>= 2.6)
      rainbow (>= 2.2.2, < 4.0)
      ruby-progressbar (~> 1.7)
      unicode-display_width (>= 1.4.0, < 1.7)
    ruby-progressbar (1.10.1)
    strong_json (1.1.0)
    thread_safe (0.3.6)
    tzinfo (1.2.5)
      thread_safe (~> 0.1)
    unicode-display_width (1.6.0)
    zeitwerk (2.2.0)

PLATFORMS
  ruby

DEPENDENCIES
  bundler (~> 2.0)
  feedmob-style!
  goodcheck (~> 2.4, >= 2.4.1)
  meowcop (~> 2.4)
  rake (~> 10.0)

BUNDLED WITH
   2.0.2
