PATH
  remote: .
  specs:
    feedmob-style (0.2.2)
      goodcheck (= 2.4.1)
      meowcop (~> 3.2.0)
      querly (~> 1.2.0)
      rubocop (~> 1.29.1)

GEM
  remote: https://rubygems.org/
  specs:
    activesupport (6.1.6)
      concurrent-ruby (~> 1.0, >= 1.0.2)
      i18n (>= 1.6, < 2)
      minitest (>= 5.1)
      tzinfo (~> 2.0)
      zeitwerk (~> 2.3)
    ast (2.4.2)
    concurrent-ruby (1.1.10)
    goodcheck (2.4.1)
      activesupport (>= 4.0, < 7.0)
      httpclient (~> 2.8.3)
      rainbow (~> 3.0.0)
      strong_json (~> 1.1.0)
    httpclient (2.8.3)
    i18n (1.10.0)
      concurrent-ruby (~> 1.0)
    meowcop (3.2.0)
      rubocop (>= 1.13.0, < 2.0.0)
    minitest (5.15.0)
    parallel (1.22.1)
    parser (3.1.2.0)
      ast (~> 2.4.1)
    querly (1.2.0)
      activesupport (>= 5.0)
      parallel (~> 1.17)
      parser (>= 2.5.0)
      rainbow (>= 2.1)
      thor (>= 0.19.0)
    rainbow (3.0.0)
    rake (10.5.0)
    regexp_parser (2.4.0)
    rexml (3.2.5)
    rubocop (1.29.1)
      parallel (~> 1.10)
      parser (>= 3.1.0.0)
      rainbow (>= 2.2.2, < 4.0)
      regexp_parser (>= 1.8, < 3.0)
      rexml (>= 3.2.5, < 4.0)
      rubocop-ast (>= 1.17.0, < 2.0)
      ruby-progressbar (~> 1.7)
      unicode-display_width (>= 1.4.0, < 3.0)
    rubocop-ast (1.18.0)
      parser (>= 3.1.1.0)
    ruby-progressbar (1.11.0)
    strong_json (1.1.0)
    thor (1.2.1)
    tzinfo (2.0.4)
      concurrent-ruby (~> 1.0)
    unicode-display_width (2.1.0)
    zeitwerk (2.5.4)

PLATFORMS
  ruby

DEPENDENCIES
  bundler (~> 2.0)
  feedmob-style!
  rake (~> 10.0)

BUNDLED WITH
   2.1.4
