PATH
  remote: .
  specs:
    feedmob-style (0.3.1)
      goodcheck (= 3.1.0)
      meowcop (~> 3.2.0)
      querly (~> 1.3.0)
      rubocop (~> 1.30.1)
      rubocop-rails (~> 2.15.0)
      rubocop-rspec (~> 2.11.1)

GEM
  remote: https://rubygems.org/
  specs:
    activesupport (7.0.3)
      concurrent-ruby (~> 1.0, >= 1.0.2)
      i18n (>= 1.6, < 2)
      minitest (>= 5.1)
      tzinfo (~> 2.0)
    ast (2.4.2)
    concurrent-ruby (1.1.10)
    goodcheck (3.1.0)
      marcel (>= 1.0, < 2.0)
      psych (>= 3.1, < 5.0)
      rainbow (>= 3.0, < 4.0)
      strong_json (>= 1.1, < 2.2)
    i18n (1.10.0)
      concurrent-ruby (~> 1.0)
    marcel (1.0.2)
    meowcop (3.2.0)
      rubocop (>= 1.13.0, < 2.0.0)
    minitest (5.16.1)
    parallel (1.22.1)
    parser (3.1.2.0)
      ast (~> 2.4.1)
    psych (4.0.4)
      stringio
    querly (1.3.0)
      activesupport (>= 5.0)
      parallel (~> 1.17)
      parser (>= 3.0)
      rainbow (>= 2.1)
      thor (>= 0.19.0)
    rack (2.2.3.1)
    rainbow (3.1.1)
    rake (10.5.0)
    regexp_parser (2.5.0)
    rexml (3.2.5)
    rubocop (1.30.1)
      parallel (~> 1.10)
      parser (>= 3.1.0.0)
      rainbow (>= 2.2.2, < 4.0)
      regexp_parser (>= 1.8, < 3.0)
      rexml (>= 3.2.5, < 4.0)
      rubocop-ast (>= 1.18.0, < 2.0)
      ruby-progressbar (~> 1.7)
      unicode-display_width (>= 1.4.0, < 3.0)
    rubocop-ast (1.18.0)
      parser (>= 3.1.1.0)
    rubocop-rails (2.15.0)
      activesupport (>= 4.2.0)
      rack (>= 1.1)
      rubocop (>= 1.7.0, < 2.0)
    rubocop-rspec (2.11.1)
      rubocop (~> 1.19)
    ruby-progressbar (1.11.0)
    stringio (3.0.2)
    strong_json (2.1.2)
    thor (1.2.1)
    tzinfo (2.0.4)
      concurrent-ruby (~> 1.0)
    unicode-display_width (2.1.0)

PLATFORMS
  ruby

DEPENDENCIES
  bundler (~> 2.0)
  feedmob-style!
  rake (~> 10.0)

BUNDLED WITH
   2.2.15
